GEM
  remote: https://rubygems.org/
  specs:
    byebug (11.1.3)
    caxlsx (3.3.0)
      htmlentities (~> 4.3, >= 4.3.4)
      marcel (~> 1.0)
      nokogiri (~> 1.10, >= 1.10.4)
      rubyzip (>= 1.3.0, < 3)
    coderay (1.1.3)
    htmlentities (4.3.4)
    marcel (1.0.2)
    method_source (1.0.0)
    nokogiri (1.14.2-x86_64-linux)
      racc (~> 1.4)
    pry (0.14.2)
      coderay (~> 1.1)
      method_source (~> 1.0)
    pry-byebug (3.10.1)
      byebug (~> 11.0)
      pry (>= 0.13, < 0.15)
    racc (1.6.2)
    rubyzip (2.3.2)
    string_ext (0.1.1)

PLATFORMS
  x86_64-linux

DEPENDENCIES
  caxlsx
  pry
  pry-byebug
  string_ext

RUBY VERSION
   ruby 3.2.0p0

BUNDLED WITH
   2.4.6
